GEM
  remote: http://rubygems.org/
  specs:
    addressable (2.3.2)
    bluecloth (2.1.0)
    coffee-script (2.2.0)
      coffee-script-source
      execjs
    coffee-script-source (1.3.3)
    excon (0.16.1)
    execjs (1.4.0)
      multi_json (~> 1.0)
    haml (3.1.7)
    heroku (2.30.5)
      heroku-api (~> 0.3.4)
      launchy (>= 0.3.2)
      netrc (~> 0.7.7)
      rest-client (~> 1.6.1)
      rubyzip
    heroku-api (0.3.4)
      excon (~> 0.16.1)
    launchy (2.1.2)
      addressable (~> 2.3)
    liquid (2.2.2)
    mango (0.6.2)
      bluecloth (~> 2.1.0)
      bundler (~> 1.0.7)
      coffee-script (~> 2.2.0)
      haml (~> 3.1.1)
      liquid (~> 2.2.2)
      rack (~> 1.2.3)
      sass (~> 3.1.1)
      sinatra (~> 1.2.6)
      therubyracer-heroku (= 0.8.1.pre3)
      thor (~> 0.14.6)
    mime-types (1.19)
    multi_json (1.3.6)
    netrc (0.7.7)
    rack (1.2.5)
    rest-client (1.6.7)
      mime-types (>= 1.16)
    rubyzip (0.9.9)
    sass (3.1.21)
    sinatra (1.2.8)
      rack (~> 1.1)
      tilt (>= 1.2.2, < 2.0)
    therubyracer-heroku (0.8.1.pre3)
    thor (0.14.6)
    tilt (1.3.3)

PLATFORMS
  ruby

DEPENDENCIES
  heroku (~> 2.30.5)
  mango (~> 0.6.2)
